PATH
  remote: .
  specs:
    pga_services (0.0.1)
      bigdecimal (~> 1.2.5, >= 1.2.5)
      colorize (~> 0.7.3, >= 0.7.3)
      curb (~> 0.8, >= 0.8.6)
      multi_json (~> 1.10, >= 1.10.1)
      rest-client (~> 1.7, >= 1.7.2)
      savon (~> 2.3.3)

GEM
  remote: https://rubygems.org/
  specs:
    akami (1.2.2)
      gyoku (>= 0.4.0)
      nokogiri
    bigdecimal (1.2.5)
    builder (3.2.2)
    colorize (0.7.5)
    curb (0.8.6)
    diff-lcs (1.2.5)
    docile (1.1.5)
    faker (1.4.3)
      i18n (~> 0.5)
    gyoku (1.1.1)
      builder (>= 2.1.2)
    httpi (2.1.1)
      rack
      rubyntlm (~> 0.3.2)
    i18n (0.7.0)
    its (0.2.0)
      rspec-core
    mime-types (1.25.1)
    mini_portile (0.6.2)
    multi_json (1.10.1)
    netrc (0.10.2)
    nokogiri (1.6.6.1)
      mini_portile (~> 0.6.0)
    nori (2.3.0)
    rack (1.6.0)
    rake (10.4.2)
    rest-client (1.7.2)
      mime-types (>= 1.16, < 3.0)
      netrc (~> 0.7)
    rspec (3.1.0)
      rspec-core (~> 3.1.0)
      rspec-expectations (~> 3.1.0)
      rspec-mocks (~> 3.1.0)
    rspec-core (3.1.7)
      rspec-support (~> 3.1.0)
    rspec-expectations (3.1.2)
      diff-lcs (>= 1.2.0, < 2.0)
      rspec-support (~> 3.1.0)
    rspec-mocks (3.1.3)
      rspec-support (~> 3.1.0)
    rspec-support (3.1.2)
    rubyntlm (0.3.4)
    savon (2.3.3)
      akami (~> 1.2.0)
      builder (>= 2.1.2)
      gyoku (~> 1.1.0)
      httpi (~> 2.1.0)
      nokogiri (>= 1.4.0)
      nori (~> 2.3.0)
      wasabi (~> 3.2.2)
    simplecov (0.9.1)
      docile (~> 1.1.0)
      multi_json (~> 1.0)
      simplecov-html (~> 0.8.0)
    simplecov-html (0.8.0)
    wasabi (3.2.3)
      httpi (~> 2.0)
      mime-types (< 2.0.0)
      nokogiri (>= 1.4.0)

PLATFORMS
  ruby

DEPENDENCIES
  bundler (~> 1.6)
  faker (~> 1.4, >= 1.4.2)
  its (~> 0.2, >= 0.2.0)
  pga_services!
  rake (~> 10.3, >= 10.3.2)
  rspec (~> 3.1, >= 3.1.0)
  simplecov (~> 0.7, >= 0.7.1)
